PATH
  remote: .
  specs:
    stracer (0.0.1)
      log4r
      log4r-gelf
      statsd-ruby

GEM
  remote: https://rubygems.org/
  specs:
    gelf (1.4.0)
      json
    json (1.8.0)
    log4r (1.1.10)
    log4r-gelf (0.9.0)
      gelf (~> 1.3)
      log4r (~> 1.1.10)
    minitest (5.0.8)
    rake (10.1.0)
    rr (1.1.2)
    statsd-ruby (1.2.1)

PLATFORMS
  ruby

DEPENDENCIES
  bundler (~> 1.3)
  minitest
  rake
  rr
  stracer!
